GEM
  remote: http://rubygems.org/
  specs:
    daemons (1.2.3)
    eventmachine (1.0.8)
    rack (1.5.5)
    thin (1.5.1)
      daemons (>= 1.0.9)
      eventmachine (>= 0.12.6)
      rack (>= 1.0.0)

PLATFORMS
  ruby

DEPENDENCIES
  rack (~> 1.5.2)
  thin (~> 1.5.0)

BUNDLED WITH
   1.10.6
